GEM
  remote: https://rubygems.org/
  specs:
    childprocess (0.5.5)
      ffi (~> 1.0, >= 1.0.11)
    chunky_png (1.3.4)
    curb (0.8.6)
    data_magic (0.20)
      faker (>= 1.1.2)
      yml_reader (>= 0.4)
    faker (1.4.3)
      i18n (~> 0.5)
    ffi (1.9.6)
    i18n (0.7.0)
    mini_portile (0.6.2)
    multi_json (1.10.1)
    nokogiri (1.6.6.2)
      mini_portile (~> 0.6.0)
    page-object (1.0.3)
      page_navigation (>= 0.9)
      selenium-webdriver (>= 2.44.0)
      watir-webdriver (>= 0.6.11)
    page_navigation (0.9)
      data_magic (>= 0.14)
    rack (1.5.2)
    rack-protection (1.5.3)
      rack
    rubyzip (1.1.7)
    screenshot (0.0.5)
      chunky_png (~> 1.3.3)
    selenium-webdriver (2.44.0)
      childprocess (~> 0.5)
      multi_json (~> 1.0)
      rubyzip (~> 1.0)
      websocket (~> 1.0)
    sinatra (1.4.5)
      rack (~> 1.4)
      rack-protection (~> 1.4)
      tilt (~> 1.3, >= 1.3.4)
    tilt (1.4.1)
    watir-webdriver (0.6.11)
      selenium-webdriver (>= 2.18.0)
    websocket (1.2.1)
    yml_reader (0.5)

PLATFORMS
  ruby

DEPENDENCIES
  curb
  nokogiri
  page-object
  screenshot (~> 0.0.4)
  sinatra
  watir-webdriver
